GEM
  remote: https://rubygems.org/
  specs:
    CFPropertyList (2.3.6)
    addressable (2.7.0)
      public_suffix (>= 2.0.2, < 5.0)
    autoparse (0.3.3)
      addressable (>= 2.3.1)
      extlib (>= 0.9.15)
      multi_json (>= 1.0.0)
    aws-sdk (1.39.0)
      json (~> 1.4)
      nokogiri (>= 1.4.4)
    beaker (1.10.0)
      aws-sdk (~> 1.38)
      blimpy (~> 0.6)
      fission (~> 0.4)
      google-api-client (~> 0.6.4)
      inifile (~> 2.0)
      json (~> 1.8)
      mime-types (~> 1.25)
      net-scp (~> 1.1)
      net-ssh (~> 2.6)
      nokogiri (= 1.5.10)
      rbvmomi (= 1.8.1)
      unf (~> 0.1)
    beaker-rspec (2.2.3)
      beaker (~> 1.10.0)
      rspec (~> 2.14)
      serverspec (~> 1.0.0)
      specinfra (~> 1.0.0)
    blimpy (0.6.7)
      fog
      minitar
      thor
    builder (3.2.4)
    coderay (1.1.0)
    concurrent-ruby (1.1.8)
    deep_merge (1.2.1)
    diff-lcs (1.2.5)
    excon (0.31.0)
    extlib (0.9.16)
    facter (4.0.52)
      hocon (~> 1.3)
      thor (>= 1.0.1, < 2.0)
    faraday (0.8.11)
      multipart-post (~> 1.2.0)
    fast_gettext (1.8.0)
    fission (0.5.0)
      CFPropertyList (~> 2.2)
    fog (1.19.0)
      builder
      excon (~> 0.31.0)
      formatador (~> 0.2.0)
      mime-types
      multi_json (~> 1.0)
      net-scp (~> 1.1)
      net-ssh (>= 2.1.3)
      nokogiri (~> 1.5)
      ruby-hmac
    formatador (0.2.5)
    google-api-client (0.6.4)
      addressable (>= 2.3.2)
      autoparse (>= 0.3.3)
      extlib (>= 0.9.15)
      faraday (~> 0.8.4)
      jwt (>= 0.1.5)
      launchy (>= 2.1.1)
      multi_json (>= 1.0.0)
      signet (~> 0.4.5)
      uuidtools (>= 2.1.0)
    hiera (3.7.0)
    highline (1.6.21)
    hocon (1.3.1)
    httpclient (2.8.3)
    inifile (2.0.2)
    json (1.8.1)
    jwt (2.2.2)
    launchy (2.5.0)
      addressable (~> 2.7)
    locale (2.1.3)
    metaclass (0.0.4)
    method_source (0.8.2)
    mime-types (1.25.1)
    minitar (0.9)
    mocha (1.0.0)
      metaclass (~> 0.0.1)
    multi_json (1.15.0)
    multipart-post (1.2.0)
    net-scp (1.2.1)
      net-ssh (>= 2.6.5)
    net-ssh (2.9.4)
    nokogiri (1.5.10)
    pry (0.9.12.6)
      coderay (~> 1.0)
      method_source (~> 0.8)
      slop (~> 3.4)
    public_suffix (4.0.6)
    puppet (6.13.0)
      concurrent-ruby (~> 1.0)
      deep_merge (~> 1.0)
      facter (> 2.0.1, < 5)
      fast_gettext (~> 1.1)
      hiera (>= 3.2.1, < 4)
      httpclient (~> 2.8)
      locale (~> 2.1)
      multi_json (~> 1.10)
      puppet-resource_api (~> 1.5)
      semantic_puppet (~> 1.0)
    puppet-lint (0.3.2)
    puppet-resource_api (1.8.13)
      hocon (>= 1.0)
    puppetlabs_spec_helper (0.4.1)
      mocha (>= 0.10.5)
      rake
      rspec (>= 2.9.0)
      rspec-puppet (>= 0.1.1)
    rake (10.1.1)
    rbvmomi (1.8.1)
      builder
      nokogiri (>= 1.4.1)
      trollop
    rspec (2.14.1)
      rspec-core (~> 2.14.0)
      rspec-expectations (~> 2.14.0)
      rspec-mocks (~> 2.14.0)
    rspec-core (2.14.8)
    rspec-expectations (2.14.5)
      diff-lcs (>= 1.1.3, < 2.0)
    rspec-mocks (2.14.6)
    rspec-puppet (1.0.1)
      rspec
    ruby-hmac (0.4.0)
    semantic_puppet (1.0.3)
    serverspec (1.0.0)
      highline
      net-ssh
      rspec (~> 2.13)
      specinfra (>= 1.0.0)
    signet (0.4.5)
      addressable (>= 2.2.3)
      faraday (~> 0.8.1)
      jwt (>= 0.1.5)
      multi_json (>= 1.0.0)
    slop (3.5.0)
    specinfra (1.0.5)
    thor (1.1.0)
    trollop (2.0)
    unf (0.1.4)
      unf_ext
    unf_ext (0.0.6)
    uuidtools (2.2.0)

PLATFORMS
  ruby

DEPENDENCIES
  beaker
  beaker-rspec
  pry
  puppet
  puppet-lint
  puppetlabs_spec_helper
  rake (= 10.1.1)
  rspec-puppet
  serverspec
